GEM
  remote: https://rubygems.org/
  specs:
    coderay (1.1.2)
    method_source (0.9.2)
    pry (0.12.2)
      coderay (~> 1.1.0)
      method_source (~> 0.9.0)
    table_print (1.5.6)

PLATFORMS
  ruby

DEPENDENCIES
  pry
  table_print

BUNDLED WITH
   1.17.3
